{
  "Modality": "MR",
  "InstitutionName": "MR2 ACHIEVA 3.0",
  "InstitutionalDepartmentName": "MRI 2",
  "StudyDescription": "MRI Brain",
  "Manufacturer": "Philips Medical Systems",
  "ManufacturerModelName": "Achieva",
  "StationName": "PHILIPS-377266B",
  "DeviceSerialNumber": "17384",
  "ReceiveCoilName": "SENSE-Head-8",
  "TransmitCoilNamee": "B",
  "MagneticFieldStrength": 3,
  "SoftwareVersion": "2.6.3\\2.6.3.4",
  "SeriesDescription": "3D SAG",
  "ProtocolName": "3D SAG CLEAR",
  "ImageType": "ORIGINAL\\SECONDARY\\M_FFE\\M\\FFE",
  "ScanningSequence": "GR",
  "SequenceVariant": "SP",
  "ScanOptions": "OTHER",
  "SequenceName": "",
  "SliceThickness": 1,
  "EchoTime": 2.165,
  "RepetitionTime": 4.83990001678466,
  "FlipAngle": 15,
  "ReconstructionDiameter": 240,
  "PercentPhaseFieldOfView": 100
}
