{
  "Modality": "MR",
  "InstitutionName": "MR3 ACHIEVA 1.5",
  "InstitutionalDepartmentName": "MRI # 3",
  "StudyDescription": "MRI Brain",
  "Manufacturer": "Philips Medical Systems",
  "ManufacturerModelName": "Achieva",
  "StationName": "PHILIPS-678BF80",
  "DeviceSerialNumber": "21639",
  "ReceiveCoilName": "SENSE-Head-8",
  "TransmitCoilNamee": "B",
  "MagneticFieldStrength": 1.5,
  "SoftwareVersion": "2.6.3\\2.6.3.2",
  "SeriesDescription": "3DFFE  SAG",
  "ProtocolName": "3DFFE  SAG CLEAR",
  "ImageType": "ORIGINAL\\SECONDARY\\M_FFE\\M\\FFE",
  "ScanningSequence": "GR",
  "SequenceVariant": "SP",
  "ScanOptions": "OTHER",
  "SequenceName": "",
  "SliceThickness": 1,
  "EchoTime": 3.01360011100769,
  "RepetitionTime": 6.64400005340576,
  "FlipAngle": 15,
  "ReconstructionDiameter": 250.434774398803,
  "PercentPhaseFieldOfView": 104.6875
}
