{
  "Modality": "MR",
  "InstitutionName": "MR1 VERIO 3.0",
  "InstitutionalDepartmentName": "Department",
  "StudyDescription": "MRI Brain",
  "Manufacturer": "SIEMENS",
  "ManufacturerModelName": "Verio",
  "StationName": "MEDPC",
  "DeviceSerialNumber": "40288",
  "TransmitCoilNamee": "Body",
  "MagneticFieldStrength": 3,
  "SoftwareVersion": "syngo MR B17",
  "SeriesDescription": "T1 3D SAG",
  "ProtocolName": "T1 3D SAG",
  "ImageType": "ORIGINAL\\SECONDARY\\M\\ND\\NORM",
  "ScanningSequence": "GR",
  "SequenceVariant": "SP\\OSP",
  "ScanOptions": "",
  "SequenceName": "fl3d1_ns",
  "SliceThickness": 1,
  "EchoTime": 1.76,
  "RepetitionTime": 5.1,
  "FlipAngle": 15,
  "PercentPhaseFieldOfView": 100
}
