{
  "Modality": "MR",
  "InstitutionName": "MR4ACHIEVA30",
  "InstitutionalDepartmentName": "NIH MR4",
  "StudyDescription": "MRI Brain",
  "Manufacturer": "Philips Medical Systems",
  "ManufacturerModelName": "Achieva",
  "StationName": "PHILIPS-396B1AA",
  "DeviceSerialNumber": "17461",
  "ReceiveCoilName": "SENSE-Head-8",
  "TransmitCoilNamee": "S",
  "MagneticFieldStrength": 3,
  "SoftwareVersion": "3.2.1\\3.2.1.0",
  "SeriesDescription": "3D T1 FFE",
  "ProtocolName": "3D T1 FFE CLEAR",
  "ImageType": "ORIGINAL\\SECONDARY\\M_FFE\\M\\FFE",
  "ScanningSequence": "GR",
  "SequenceVariant": "SP",
  "ScanOptions": "OTHER",
  "SequenceName": "",
  "SliceThickness": 1,
  "EchoTime": 2.12,
  "RepetitionTime": 4.85150003433227,
  "FlipAngle": 15,
  "ReconstructionDiameter": 240,
  "PercentPhaseFieldOfView": 100
}
