{
  "Modality": "MR",
  "InstitutionName": "MR5 ACHIEVA 1.5",
  "InstitutionalDepartmentName": "MRI 5",
  "StudyDescription": "MRI Brain",
  "Manufacturer": "Philips Medical Systems",
  "ManufacturerModelName": "Achieva",
  "StationName": "PHILIPS-2360C77",
  "DeviceSerialNumber": "21638",
  "ReceiveCoilName": "SENSE-Head-8",
  "TransmitCoilNamee": "B",
  "MagneticFieldStrength": 1.5,
  "SoftwareVersion": "3.2.1\\3.2.1.0",
  "SeriesDescription": "3DFFE  SAG",
  "ProtocolName": "3DFFE  SAG CLEAR",
  "ImageType": "ORIGINAL\\SECONDARY\\M_FFE\\M\\FFE",
  "ScanningSequence": "GR",
  "SequenceVariant": "SP",
  "ScanOptions": "OTHER",
  "SequenceName": "",
  "SliceThickness": 1,
  "EchoTime": 3.098,
  "RepetitionTime": 6.75010013580322,
  "FlipAngle": 15,
  "ReconstructionDiameter": 250.434774398803,
  "PercentPhaseFieldOfView": 104.6875
}
